GEM
  remote: https://rubygems.org/
  specs:
    addressable (2.4.0)
    dotenv (2.1.0)
    faraday (0.9.2)
      multipart-post (>= 1.2, < 3)
    fastimage (1.6.8)
      addressable (~> 2.3, >= 2.3.5)
    hashie (3.4.3)
    hnjobs (0.0.3)
      nokogiri (~> 1.6)
    mini_portile2 (2.0.0)
    multi_json (1.10.1)
    multipart-post (2.0.0)
    nokogiri (1.6.7.2)
      mini_portile2 (~> 2.0.0.rc2)
    redd (0.7.8)
      faraday (~> 0.9.1)
      fastimage (~> 1.6.6)
      hashie (~> 3.4.0)
      multi_json (~> 1.10.1)
    workinstartups-api (0.0.6)

PLATFORMS
  ruby

DEPENDENCIES
  dotenv (~> 2.1.0)
  hnjobs (~> 0.0.3)
  redd (~> 0.7.0)
  workinstartups-api (~> 0.0.6)

BUNDLED WITH
   1.11.2
